GEM
  remote: https://rubygems.org/
  specs:
    json (1.8.3)
    open-weather (0.11.0)
      json

PLATFORMS
  ruby

DEPENDENCIES
  open-weather
